PATH
  remote: .
  specs:
    sprockets-cache-mongodb (0.0.2)

GEM
  remote: http://rubygems.org/
  specs:

PLATFORMS
  ruby

DEPENDENCIES
  sprockets-cache-mongodb!
